GEM
  remote: http://rubygems.org/
  specs:
    json_pure (1.4.6)
    rack (1.2.1)
    sinatra (1.1.0)
      rack (~> 1.1)
      tilt (~> 1.1)
    sinatra-jsonp (0.2.1)
      json_pure (~> 1.4)
      sinatra (~> 1.0)
    tilt (1.1)

PLATFORMS
  ruby

DEPENDENCIES
  sinatra
  sinatra-jsonp
